GEM
  remote: http://rubygems.org/
  specs:
    activesupport (3.0.0)
    autotest (4.4.0)
    crack (0.1.8)
    diff-lcs (1.1.2)
    fakeweb (1.3.0)
    gemcutter (0.6.1)
    git (1.2.5)
    hashie (0.4.0)
    httparty (0.6.1)
      crack (= 0.1.8)
    i18n (0.4.1)
    jeweler (1.4.0)
      gemcutter (>= 0.1.0)
      git (>= 1.2.5)
      rubyforge (>= 2.0.0)
    json (1.4.6)
    json_pure (1.4.6)
    mocha (0.9.8)
      rake
    rake (0.8.7)
    rspec (2.0.0.beta.22)
      rspec-core (= 2.0.0.beta.22)
      rspec-expectations (= 2.0.0.beta.22)
      rspec-mocks (= 2.0.0.beta.22)
    rspec-core (2.0.0.beta.22)
    rspec-expectations (2.0.0.beta.22)
      diff-lcs (>= 1.1.2)
    rspec-mocks (2.0.0.beta.22)
      rspec-core (= 2.0.0.beta.22)
      rspec-expectations (= 2.0.0.beta.22)
    rubyforge (2.0.4)
      json_pure (>= 1.1.7)

PLATFORMS
  ruby

DEPENDENCIES
  activesupport (~> 3.0.0)
  autotest
  fakeweb (>= 1.3.0)
  hashie (~> 0.4.0)
  httparty (~> 0.6.1)
  i18n
  jeweler
  json
  mocha (~> 0.9.8)
  rake
  rspec (~> 2.0.0.beta.22)
